GEM
  remote: https://rubygems.org/
  specs:
    ansi (1.5.0)
    builder (3.3.0)
    minitest (5.25.3)
    minitest-focus (1.4.0)
      minitest (>= 4, < 6)
    minitest-reporters (1.7.1)
      ansi
      builder
      minitest (>= 5.0)
      ruby-progressbar
    rake (13.2.1)
    ruby-progressbar (1.13.0)

PLATFORMS
  arm64-darwin-23
  ruby

DEPENDENCIES
  minitest (~> 5.25.3)
  minitest-focus (~> 1.4.0)
  minitest-reporters (~> 1.7.1)
  rake (~> 13.2.1)

BUNDLED WITH
   2.5.22
